PATH
  remote: .
  specs:
    github_cli (0.3.1)
      github_api (~> 0.5)
      thor

GEM
  remote: https://rubygems.org/
  specs:
    aruba (0.4.11)
      childprocess (>= 0.2.3)
      cucumber (>= 1.1.1)
      ffi (>= 1.0.11)
      rspec (>= 2.7.0)
    builder (3.0.0)
    childprocess (0.3.1)
      ffi (~> 1.0.6)
    cucumber (1.1.9)
      builder (>= 2.1.2)
      diff-lcs (>= 1.1.2)
      gherkin (~> 2.9.0)
      json (>= 1.4.6)
      term-ansicolor (>= 1.0.6)
    diff-lcs (1.1.3)
    faraday (0.8.0)
      multipart-post (~> 1.1)
    ffi (1.0.11)
    gherkin (2.9.0)
      json (>= 1.4.6)
    github_api (0.5.2)
      faraday (~> 0.8.0)
      hashie (~> 1.2.0)
      multi_json (~> 1.3)
      nokogiri (~> 1.5.2)
      oauth2 (~> 0.7)
    hashie (1.2.0)
    httpauth (0.1)
    json (1.6.5)
    multi_json (1.3.2)
    multipart-post (1.1.5)
    nokogiri (1.5.2)
    oauth2 (0.7.1)
      faraday (~> 0.8)
      httpauth (~> 0.1)
      multi_json (~> 1.0)
      rack (~> 1.4)
    rack (1.4.1)
    rake (0.9.2.2)
    rspec (2.8.0)
      rspec-core (~> 2.8.0)
      rspec-expectations (~> 2.8.0)
      rspec-mocks (~> 2.8.0)
    rspec-core (2.8.0)
    rspec-expectations (2.8.0)
      diff-lcs (~> 1.1.2)
    rspec-mocks (2.8.0)
    term-ansicolor (1.0.7)
    thor (0.15.2)

PLATFORMS
  ruby

DEPENDENCIES
  aruba
  github_cli!
  rake
  rspec
